PATH
  remote: .
  specs:
    lighthouse-api (2.0)
      activeresource (>= 3.0.0, < 4.0.0)
      activesupport (>= 3.0.0, < 4.0.0)

GEM
  remote: http://rubygems.org/
  specs:
    activemodel (3.2.14)
      activesupport (= 3.2.14)
      builder (~> 3.0.0)
    activeresource (3.2.14)
      activemodel (= 3.2.14)
      activesupport (= 3.2.14)
    activesupport (3.2.14)
      i18n (~> 0.6, >= 0.6.4)
      multi_json (~> 1.0)
    builder (3.0.4)
    i18n (0.6.5)
    multi_json (1.7.9)

PLATFORMS
  ruby

DEPENDENCIES
  lighthouse-api!
